GEM
  remote: https://rubygems.org/
  specs:
    awesome_print (1.8.0)
    childprocess (0.8.0)
      ffi (~> 1.0, >= 1.0.11)
    coderay (1.1.2)
    diff-lcs (1.3)
    easy_diff (1.0.0)
    ffi (1.9.18)
    gosu (0.12.1)
    method_source (0.8.2)
    mini_portile2 (2.3.0)
    multi_json (1.12.2)
    nokogiri (1.8.1)
      mini_portile2 (~> 2.3.0)
    oj (3.3.8)
    pry (0.11.0.pre2)
      coderay (~> 1.1.0)
      method_source (~> 0.8.1)
    rspec (3.7.0)
      rspec-core (~> 3.7.0)
      rspec-expectations (~> 3.7.0)
      rspec-mocks (~> 3.7.0)
    rspec-core (3.7.0)
      rspec-support (~> 3.7.0)
    rspec-expectations (3.7.0)
      diff-lcs (>= 1.2.0, < 2.0)
      rspec-support (~> 3.7.0)
    rspec-mocks (3.7.0)
      diff-lcs (>= 1.2.0, < 2.0)
      rspec-support (~> 3.7.0)
    rspec-support (3.7.0)
    slop (4.4.3)
    tmx (0.1.5)
      multi_json (~> 1.0)
      nokogiri (~> 1.5)

PLATFORMS
  ruby

DEPENDENCIES
  awesome_print
  childprocess
  easy_diff
  gosu
  oj
  pry (= 0.11.0.pre2)
  rspec
  slop (= 4.4.3)
  tmx

RUBY VERSION
   ruby 2.3.3p222

BUNDLED WITH
   1.15.4
